GEM
  remote: https://rubygems.org/
  specs:
    ast (2.4.0)
    awesome_print (1.6.1)
    coderay (1.1.3)
    ffi (1.17.0-java)
    method_source (1.1.0)
    parallel (1.12.1)
    parser (2.5.0.3)
      ast (~> 2.4.0)
    powerpack (0.1.1)
    pry (0.14.2)
      coderay (~> 1.1)
      method_source (~> 1.0)
    pry (0.14.2-java)
      coderay (~> 1.1)
      method_source (~> 1.0)
      spoon (~> 0.0)
    pry-awesome_print (9.6.10)
      awesome_print (>= 1.1.0, < 999)
      pry (>= 0.9.0, < 999)
    rainbow (3.0.0)
    rubocop (0.53.0)
      parallel (~> 1.10)
      parser (>= 2.5)
      powerpack (~> 0.1)
      rainbow (>= 2.2.2, < 4.0)
      ruby-progressbar (~> 1.7)
      unicode-display_width (~> 1.0, >= 1.0.1)
    ruby-progressbar (1.9.0)
    spoon (0.0.6)
      ffi
    unicode-display_width (1.3.0)

PLATFORMS
  java
  ruby

DEPENDENCIES
  pry
  pry-awesome_print
  rubocop

BUNDLED WITH
   1.11.2
