GEM
  remote: https://rubygems.org/
  specs:
    ast (2.2.0)
    awesome_print (1.6.1)
    coderay (1.1.0)
    ffi (1.9.10-java)
    method_source (0.8.2)
    parser (2.3.0.1)
      ast (~> 2.2)
    powerpack (0.1.1)
    pry (0.10.3-java)
      coderay (~> 1.1.0)
      method_source (~> 0.8.1)
      slop (~> 3.4)
      spoon (~> 0.0)
    pry-awesome_print (9.6.10)
      awesome_print (>= 1.1.0, < 999)
      pry (>= 0.9.0, < 999)
    rainbow (2.0.0)
    rubocop (0.36.0)
      parser (>= 2.3.0.0, < 3.0)
      powerpack (~> 0.1)
      rainbow (>= 1.99.1, < 3.0)
      ruby-progressbar (~> 1.7)
    ruby-progressbar (1.7.5)
    slop (3.6.0)
    spoon (0.0.4)
      ffi

PLATFORMS
  java

DEPENDENCIES
  pry
  pry-awesome_print
  rubocop

BUNDLED WITH
   1.11.2
