GEM
  remote: https://rubygems.org/
  specs:
    ast (2.4.0)
    awesome_print (1.6.1)
    coderay (1.1.0)
    ffi (1.9.10-java)
    method_source (0.8.2)
    parallel (1.12.1)
    parser (2.5.0.3)
      ast (~> 2.4.0)
    powerpack (0.1.1)
    pry (0.10.3-java)
      coderay (~> 1.1.0)
      method_source (~> 0.8.1)
      slop (~> 3.4)
      spoon (~> 0.0)
    pry-awesome_print (9.6.10)
      awesome_print (>= 1.1.0, < 999)
      pry (>= 0.9.0, < 999)
    rainbow (3.0.0)
    rubocop (0.53.0)
      parallel (~> 1.10)
      parser (>= 2.5)
      powerpack (~> 0.1)
      rainbow (>= 2.2.2, < 4.0)
      ruby-progressbar (~> 1.7)
      unicode-display_width (~> 1.0, >= 1.0.1)
    ruby-progressbar (1.9.0)
    slop (3.6.0)
    spoon (0.0.4)
      ffi
    unicode-display_width (1.3.0)

PLATFORMS
  java

DEPENDENCIES
  pry
  pry-awesome_print
  rubocop

BUNDLED WITH
   1.11.2
