GIT
  remote: https://github.com/jruby/warbler.git
  revision: db369bc226aaba1a755cf0223c0f1f6061998c05
  branch: 2.x-dev
  specs:
    warbler (2.0.0.rc2)
      jruby-jars (>= 9.0.0.0)
      jruby-rack (>= 1.1.1, < 1.3)
      rake (>= 10.1.0)
      rubyzip (>= 1.0, < 1.2)

GEM
  remote: https://rubygems.org/
  specs:
    awesome_print (1.6.1)
    coderay (1.1.0)
    ffi (1.9.10-java)
    jruby-jars (9.0.4.0)
    jruby-rack (1.1.19)
    method_source (0.8.2)
    pry (0.10.3-java)
      coderay (~> 1.1.0)
      method_source (~> 0.8.1)
      slop (~> 3.4)
      spoon (~> 0.0)
    pry-awesome_print (9.6.10)
      awesome_print (>= 1.1.0, < 999)
      pry (>= 0.9.0, < 999)
    rake (10.5.0)
    rubyzip (1.1.7)
    slop (3.6.0)
    spoon (0.0.4)
      ffi

PLATFORMS
  java

DEPENDENCIES
  pry
  pry-awesome_print
  warbler!

BUNDLED WITH
   1.11.2
