GEM
  remote: https://rubygems.org/
  specs:
    ast (2.4.2)
    awesome_print (1.6.1)
    coderay (1.1.3)
    ffi (1.17.0-java)
    json (2.7.2)
    json (2.7.2-java)
    language_server-protocol (3.17.0.3)
    method_source (1.1.0)
    parallel (1.24.0)
    parser (3.3.2.0)
      ast (~> 2.4.1)
      racc
    pry (0.14.2)
      coderay (~> 1.1)
      method_source (~> 1.0)
    pry (0.14.2-java)
      coderay (~> 1.1)
      method_source (~> 1.0)
      spoon (~> 0.0)
    pry-awesome_print (9.6.10)
      awesome_print (>= 1.1.0, < 999)
      pry (>= 0.9.0, < 999)
    racc (1.8.0)
    racc (1.8.0-java)
    rainbow (3.1.1)
    regexp_parser (2.9.2)
    rexml (3.2.8)
      strscan (>= 3.0.9)
    rubocop (1.64.1)
      json (~> 2.3)
      language_server-protocol (>= 3.17.0)
      parallel (~> 1.10)
      parser (>= 3.3.0.2)
      rainbow (>= 2.2.2, < 4.0)
      regexp_parser (>= 1.8, < 3.0)
      rexml (>= 3.2.5, < 4.0)
      rubocop-ast (>= 1.31.1, < 2.0)
      ruby-progressbar (~> 1.7)
      unicode-display_width (>= 2.4.0, < 3.0)
    rubocop-ast (1.31.3)
      parser (>= 3.3.1.0)
    ruby-progressbar (1.13.0)
    spoon (0.0.6)
      ffi
    strscan (3.1.0)
    strscan (3.1.0-java)
    unicode-display_width (2.5.0)

PLATFORMS
  java
  ruby

DEPENDENCIES
  pry
  pry-awesome_print
  rubocop

BUNDLED WITH
   1.11.2
